GEM
  remote: https://rubygems.org/
  specs:
    autoprefixer-rails (10.4.19.0)
      execjs (~> 2)
    bootstrap (5.3.3)
      autoprefixer-rails (>= 9.1.0)
      popper_js (>= 2.11.8, < 3)
    execjs (2.9.1)
    ffi (1.17.0-arm64-darwin)
    ffi (1.17.0-x86_64-darwin)
    jekyll-paginate (1.1.0)
    jekyll-watch (2.2.1)
      listen (~> 3.0)
    kramdown (2.4.0)
      rexml
    kramdown-parser-gfm (1.1.0)
      kramdown (~> 2.0)
    listen (3.9.0)
      rb-fsevent (~> 0.10, >= 0.10.3)
      rb-inotify (~> 0.9, >= 0.9.10)
    popper_js (2.11.8)
    rb-fsevent (0.11.2)
    rb-inotify (0.11.1)
      ffi (~> 1.0)
    rexml (3.3.8)
    rouge (4.4.0)
    webrick (1.8.2)

PLATFORMS
  arm64-darwin-23
  arm64-darwin-24
  x86_64-darwin-19

DEPENDENCIES
  bootstrap
  jekyll-paginate
  jekyll-watch
  kramdown-parser-gfm
  rouge
  webrick

BUNDLED WITH
   2.5.21
